PATH
  remote: C:/Users/Bucky/Desktop/jesseweb/farm_ruby
  specs:
    farm_ruby (0.1.0)

PATH
  remote: C:/Users/Bucky/Desktop/jesseweb/farm_scrape
  specs:
    farm_scrape (0.1.0)
      capybara (~> 2.7.1)
      nokogiri (~> 1.6.8)
      poltergeist (~> 1.10.0)

GEM
  remote: https://rubygems.org/
  specs:
    addressable (2.4.0)
    capybara (2.7.1)
      addressable
      mime-types (>= 1.16)
      nokogiri (>= 1.3.3)
      rack (>= 1.0.0)
      rack-test (>= 0.5.4)
      xpath (~> 2.0)
    cliver (0.3.2)
    mime-types (3.1)
      mime-types-data (~> 3.2015)
    mime-types-data (3.2016.0521)
    mini_portile2 (2.1.0)
    nokogiri (1.6.8-x64-mingw32)
      mini_portile2 (~> 2.1.0)
      pkg-config (~> 1.1.7)
    pkg-config (1.1.7)
    poltergeist (1.10.0)
      capybara (~> 2.1)
      cliver (~> 0.3.1)
      websocket-driver (>= 0.2.0)
    rack (2.0.1)
    rack-test (0.6.3)
      rack (>= 1.0)
    sqlite3 (1.3.11-x64-mingw32)
    websocket-driver (0.6.4)
      websocket-extensions (>= 0.1.0)
    websocket-extensions (0.1.2)
    xpath (2.0.0)
      nokogiri (~> 1.3)

PLATFORMS
  x64-mingw32

DEPENDENCIES
  bundler
  farm_ruby!
  farm_scrape!
  sqlite3

BUNDLED WITH
   1.12.5
